PATH
  remote: .
  specs:
    curtain-call-seattle (0.1.0)

GEM
  remote: https://rubygems.org/
  specs:
    rake (13.0.6)

PLATFORMS
  ruby

DEPENDENCIES
  bundler (~> 1.16)
  curtain-call-seattle!
  rake (~> 13.0)

BUNDLED WITH
   1.16.1
